GEM
  remote: https://rubygems.org/
  specs:
    mini_portile2 (2.5.0)
    nokogiri (1.11.0.rc3)
      mini_portile2 (~> 2.5.0)

PLATFORMS
  ruby

DEPENDENCIES
  nokogiri (>= 1.11.0.rc3)

BUNDLED WITH
   2.1.4
