GEM
  remote: https://rubygems.org/
  specs:
    mini_portile2 (2.8.4)
    nokogiri (1.14.3)
      mini_portile2 (~> 2.8.0)
      racc (~> 1.4)
    racc (1.7.1)

PLATFORMS
  ruby

DEPENDENCIES
  nokogiri (>= 1.11.0.rc3)

BUNDLED WITH
   2.1.4
